GEM
  remote: https://rubygems.org/
  specs:
    coderay (1.1.1)
    method_source (0.8.2)
    pg (0.21.0)
    pry (0.10.4)
      coderay (~> 1.1.0)
      method_source (~> 0.8.1)
      slop (~> 3.4)
    rb-readline (0.5.4)
    slop (3.6.0)

PLATFORMS
  ruby

DEPENDENCIES
  pg
  pry
  rb-readline

BUNDLED WITH
   1.15.2
