GEM
  remote: https://rubygems.org/
  specs:
    pg (0.21.0)

PLATFORMS
  ruby

DEPENDENCIES
  pg

BUNDLED WITH
   1.15.2
